GEM
  remote: https://rubygems.org/
  specs:
    base64 (0.2.0)
    bigdecimal (3.1.8)
    mustermann (3.0.2)
      ruby2_keywords (~> 0.0.1)
    rack (3.1.7)
    rack-protection (4.0.0)
      base64 (>= 0.1.0)
      rack (>= 3.0.0, < 4)
    rack-session (2.0.0)
      rack (>= 3.0.0)
    ruby2_keywords (0.0.5)
    sequel (5.83.1)
      bigdecimal
    sinatra (4.0.0)
      mustermann (~> 3.0)
      rack (>= 3.0.0, < 4)
      rack-protection (= 4.0.0)
      rack-session (>= 2.0.0, < 3)
      tilt (~> 2.0)
    sqlite3 (2.0.4-x86_64-darwin)
    tilt (2.4.0)

PLATFORMS
  x86_64-darwin-22

DEPENDENCIES
  sequel
  sinatra
  sqlite3

BUNDLED WITH
   2.2.33
